GEM
  remote: https://rubygems.org/
  specs:
    rake (10.1.0)
    rake-compiler (0.8.3)
      rake

PLATFORMS
  ruby

DEPENDENCIES
  rake
  rake-compiler
