GEM
  remote: https://rubygems.org/
  specs:
    minitest (4.7.5)
    rake (10.1.0)
    rake-compiler (0.8.3)
      rake

PLATFORMS
  ruby

DEPENDENCIES
  minitest
  rake
  rake-compiler
